GEM
  remote: http://rubygems.org/
  specs:
    rack (1.3.5)
    rack-rewrite (1.0.2)

PLATFORMS
  ruby

DEPENDENCIES
  rack (~> 1.3)
  rack-rewrite (~> 1.0.0)
